GIT
  remote: git://github.com/brianmario/mysql2.git
  revision: 8118f31d12f54a36d14e87111a6ea4b1cc68aa5d
  specs:
    mysql2 (0.3.10)

GIT
  remote: git://github.com/sferik/rails_admin.git
  revision: f7eea5336b7cd2e6f38bbeed2d0eea1ed6901738
  specs:
    rails_admin (0.0.1)
      builder (~> 3.0.0)
      haml (>= 3.1.0, < 3.3.0)
      rails (~> 3.1.0)

GEM
  remote: http://rubygems.org/
  specs:
    POpen4 (0.1.4)
      Platform (>= 0.4.0)
      open4
    Platform (0.4.0)
    actionmailer (3.1.0)
      actionpack (= 3.1.0)
      mail (~> 2.3.0)
    actionpack (3.1.0)
      activemodel (= 3.1.0)
      activesupport (= 3.1.0)
      builder (~> 3.0.0)
      erubis (~> 2.7.0)
      i18n (~> 0.6)
      rack (~> 1.3.2)
      rack-cache (~> 1.0.3)
      rack-mount (~> 0.8.2)
      rack-test (~> 0.6.1)
      sprockets (~> 2.0.0)
    activemodel (3.1.0)
      activesupport (= 3.1.0)
      bcrypt-ruby (~> 3.0.0)
      builder (~> 3.0.0)
      i18n (~> 0.6)
    activerecord (3.1.0)
      activemodel (= 3.1.0)
      activesupport (= 3.1.0)
      arel (~> 2.2.1)
      tzinfo (~> 0.3.29)
    activeresource (3.1.0)
      activemodel (= 3.1.0)
      activesupport (= 3.1.0)
    activesupport (3.1.0)
      multi_json (~> 1.0)
    arel (2.2.1)
    awesome_print (0.4.0)
    bcrypt-ruby (3.0.1)
    bcrypt-ruby (3.0.1-x86-mingw32)
    builder (3.0.0)
    carrierwave (0.5.7)
      activesupport (~> 3.0)
    crypt19 (1.2.1)
    devise (1.4.7)
      bcrypt-ruby (~> 3.0)
      orm_adapter (~> 0.0.3)
      warden (~> 1.0.3)
    erubis (2.7.0)
    haml (3.1.3)
    hike (1.2.1)
    hirb (0.5.0)
    i18n (0.6.0)
    mail (2.3.0)
      i18n (>= 0.4.0)
      mime-types (~> 1.16)
      treetop (~> 1.4.8)
    mime-types (1.16)
    multi_json (1.0.3)
    mysql (2.8.1)
    mysql (2.8.1-x86-mingw32)
    nokogiri (1.5.0)
    nokogiri (1.5.0-x86-mingw32)
    open4 (1.1.0)
    orm_adapter (0.0.5)
    polyglot (0.3.2)
    rack (1.3.3)
    rack-cache (1.0.3)
      rack (>= 0.4)
    rack-mount (0.8.3)
      rack (>= 1.0.0)
    rack-ssl (1.3.2)
      rack
    rack-test (0.6.1)
      rack (>= 1.0)
    rails (3.1.0)
      actionmailer (= 3.1.0)
      actionpack (= 3.1.0)
      activerecord (= 3.1.0)
      activeresource (= 3.1.0)
      activesupport (= 3.1.0)
      bundler (~> 1.0)
      railties (= 3.1.0)
    railties (3.1.0)
      actionpack (= 3.1.0)
      activesupport (= 3.1.0)
      rack-ssl (~> 1.3.2)
      rake (>= 0.8.7)
      rdoc (~> 3.4)
      thor (~> 0.14.6)
    rak (1.0)
    rake (0.9.2.2)
    rdoc (3.9.4)
    rest-client (1.6.1)
      mime-types (>= 1.16)
    rturk (2.3.4)
      nokogiri (>= 1.4.1)
      rest-client (>= 1.4.0)
    rubystats (0.2.3)
    sprockets (2.0.0)
      hike (~> 1.2)
      rack (~> 1.0)
      tilt (~> 1.1, != 1.3.0)
    thor (0.14.6)
    tilt (1.3.3)
    treetop (1.4.10)
      polyglot
      polyglot (>= 0.3.1)
    tzinfo (0.3.29)
    warden (1.0.5)
      rack (>= 1.0)
    win32-open3-19 (0.0.1)
    win32console (1.3.0-unknown)
    win32console (1.3.0-x86-mingw32)
    wirble (0.1.3)

PLATFORMS
  ruby
  x86-mingw32

DEPENDENCIES
  POpen4
  awesome_print
  carrierwave
  crypt19
  devise
  hirb
  mysql
  mysql2!
  nokogiri (= 1.5.0)
  rails (= 3.1)
  rails_admin!
  rak
  rake (= 0.9.2.2)
  rturk
  rubystats
  win32-open3-19
  win32console
  wirble
